GEM
  remote: https://rubygems.org/
  specs:
    activemodel (4.2.8)
      activesupport (= 4.2.8)
      builder (~> 3.1)
    activesupport (4.2.8)
      i18n (~> 0.7)
      minitest (~> 5.1)
      thread_safe (~> 0.3, >= 0.3.4)
      tzinfo (~> 1.1)
    armor (0.0.3)
    bson (3.2.6)
    builder (3.2.3)
    coderay (1.1.2)
    connection_pool (2.2.1)
    cuba (3.2.0)
      rack
    factory_bot (4.8.2)
      activesupport (>= 3.0.0)
    faker (1.7.3)
      i18n (~> 0.5)
    i18n (0.8.4)
    jwt (1.5.6)
    method_source (0.9.0)
    minitest (5.10.2)
    mongoid (4.0.2)
      activemodel (~> 4.0)
      moped (~> 2.0.0)
      origin (~> 2.1)
      tzinfo (>= 0.3.37)
    moped (2.0.7)
      bson (~> 3.0)
      connection_pool (~> 2.0)
      optionable (~> 0.2.0)
    optionable (0.2.0)
    origin (2.3.1)
    pry (0.11.3)
      coderay (~> 1.1.0)
      method_source (~> 0.9.0)
    rack (2.0.3)
    shield (2.1.1)
      armor
    shotgun (0.9.2)
      rack (>= 1.0)
    thread_safe (0.3.6)
    tzinfo (1.2.3)
      thread_safe (~> 0.1)

PLATFORMS
  ruby

DEPENDENCIES
  cuba (~> 3.2.0)
  factory_bot
  faker
  jwt
  mongoid (~> 4.0.0)
  pry
  shield
  shotgun

RUBY VERSION
   ruby 2.4.0p0

BUNDLED WITH
   1.16.0
